PATH
  remote: .
  specs:
    gcaldis (0.0.1)
      google-api-client
      gtk3

GEM
  remote: https://rubygems.org/
  specs:
    addressable (2.4.0)
    atk (3.0.8)
      glib2 (= 3.0.8)
    cairo (1.15.2)
      pkg-config (>= 1.1.5)
    cairo-gobject (3.0.8)
      cairo
      glib2 (= 3.0.8)
    faraday (0.9.2)
      multipart-post (>= 1.2, < 3)
    gdk3 (3.0.8)
      cairo-gobject (= 3.0.8)
      gdk_pixbuf2 (= 3.0.8)
      gobject-introspection (= 3.0.8)
      pango (= 3.0.8)
    gdk_pixbuf2 (3.0.8)
      glib2 (= 3.0.8)
    gio2 (3.0.8)
      glib2 (= 3.0.8)
      gobject-introspection (= 3.0.8)
    glib2 (3.0.8)
      pkg-config
    gobject-introspection (3.0.8)
      glib2 (= 3.0.8)
    google-api-client (0.9.8)
      addressable (~> 2.3)
      googleauth (~> 0.5)
      httpclient (~> 2.7)
      hurley (~> 0.1)
      memoist (~> 0.11)
      mime-types (>= 1.6)
      representable (~> 2.3.0)
      retriable (~> 2.0)
      thor (~> 0.19)
    googleauth (0.5.1)
      faraday (~> 0.9)
      jwt (~> 1.4)
      logging (~> 2.0)
      memoist (~> 0.12)
      multi_json (~> 1.11)
      os (~> 0.9)
      signet (~> 0.7)
    gtk3 (3.0.8)
      atk (= 3.0.8)
      gdk3 (= 3.0.8)
      gdk_pixbuf2 (= 3.0.8)
      gio2 (= 3.0.8)
      glib2 (= 3.0.8)
      gobject-introspection (= 3.0.8)
      pango (= 3.0.8)
    httpclient (2.8.0)
    hurley (0.2)
    jwt (1.5.4)
    little-plugger (1.1.4)
    logging (2.1.0)
      little-plugger (~> 1.1)
      multi_json (~> 1.10)
    memoist (0.14.0)
    mime-types (3.1)
      mime-types-data (~> 3.2015)
    mime-types-data (3.2016.0521)
    multi_json (1.12.1)
    multipart-post (2.0.0)
    os (0.9.6)
    pango (3.0.8)
      cairo (>= 1.14.0)
      glib2 (= 3.0.8)
    pkg-config (1.1.7)
    rake (11.1.2)
    representable (2.3.0)
      uber (~> 0.0.7)
    retriable (2.1.0)
    signet (0.7.2)
      addressable (~> 2.3)
      faraday (~> 0.9)
      jwt (~> 1.5)
      multi_json (~> 1.10)
    thor (0.19.1)
    uber (0.0.15)

PLATFORMS
  ruby

DEPENDENCIES
  bundler (~> 1.6)
  gcaldis!
  rake

BUNDLED WITH
   1.12.5
